GEM
  remote: https://rubygems.org/
  specs:
    architecture-js (0.6.0)
      ejs
      jsmin
      jsmin (~> 1.0.1)
      listen
      listen
    bourbon (3.1.8)
      sass (>= 3.2.0)
      thor
    chunky_png (1.2.8)
    compass (0.12.2)
      chunky_png (~> 1.2)
      fssm (>= 0.2.7)
      sass (~> 3.1)
    ejs (1.1.1)
    ffi (1.9.0)
    fssm (0.2.10)
    jsmin (1.0.1)
    listen (1.3.1)
      rb-fsevent (>= 0.9.3)
      rb-inotify (>= 0.9)
      rb-kqueue (>= 0.2)
    neat (1.3.0)
      bourbon (>= 2.1)
      sass (>= 3.2)
    rb-fsevent (0.9.3)
    rb-inotify (0.9.2)
      ffi (>= 0.5.0)
    rb-kqueue (0.2.0)
      ffi (>= 0.5.0)
    sass (3.2.10)
    thor (0.18.1)

PLATFORMS
  ruby

DEPENDENCIES
  architecture-js
  bourbon
  compass
  neat
